GEM
  remote: https://rubygems.org/
  specs:
    ffi (1.13.1)
    ffi (1.13.1-x64-mingw32)
    haml (5.1.2)
      temple (>= 0.8.0)
      tilt
    httpclient (2.8.3)
    mustermann (2.0.2)
      ruby2_keywords (~> 0.0.1)
    rack (2.2.3)
    rack-protection (2.2.3)
      rack
    rake (13.0.1)
    ruby2_keywords (0.0.5)
    sassc (2.4.0)
      ffi (~> 1.9)
    sassc (2.4.0-x64-mingw32)
      ffi (~> 1.9)
    sequel (5.30.0)
    sinatra (2.2.3)
      mustermann (~> 2.0)
      rack (~> 2.2)
      rack-protection (= 2.2.3)
      tilt (~> 2.0)
    sqlite3 (1.4.2)
    temple (0.8.2)
    tilt (2.0.11)

PLATFORMS
  ruby
  x64-mingw32

DEPENDENCIES
  haml
  httpclient
  rack
  rake
  sassc
  sequel
  sinatra
  sqlite3

BUNDLED WITH
   2.1.4
