GEM
  remote: https://rubygems.org/
  specs:
    haml (4.0.5)
      tilt
    httpclient (2.4.0)
    rack (1.5.2)
    rack-protection (1.5.3)
      rack
    sass (3.3.9)
    sequel (4.12.0)
    sinatra (1.4.5)
      rack (~> 1.4)
      rack-protection (~> 1.4)
      tilt (~> 1.3, >= 1.3.4)
    sqlite3 (1.3.9)
    sqlite3 (1.3.9-x64-mingw32)
    tilt (1.4.1)

PLATFORMS
  x64-mingw32

DEPENDENCIES
  haml
  httpclient
  rack
  sass
  sequel
  sinatra
  sqlite3
