GEM
  remote: https://rubygems.org/
  specs:
    ffi (1.15.5)
    ffi (1.15.5-x64-mingw32)
    haml (6.1.1)
      temple (>= 0.8.2)
      thor
      tilt
    httpclient (2.8.3)
    mini_portile2 (2.8.0)
    mustermann (3.0.0)
      ruby2_keywords (~> 0.0.1)
    rack (2.2.6.2)
    rack-protection (3.0.4)
      rack
    rake (13.0.6)
    ruby2_keywords (0.0.5)
    sassc (2.4.0)
      ffi (~> 1.9)
    sassc (2.4.0-x64-mingw32)
      ffi (~> 1.9)
    sequel (5.63.0)
    sinatra (3.0.4)
      mustermann (~> 3.0)
      rack (~> 2.2, >= 2.2.4)
      rack-protection (= 3.0.4)
      tilt (~> 2.0)
    sqlite3 (1.5.4)
      mini_portile2 (~> 2.8.0)
    sqlite3 (1.5.4-x64-mingw32)
    temple (0.9.1)
    thor (1.2.1)
    tilt (2.0.11)

PLATFORMS
  ruby
  x64-mingw32

DEPENDENCIES
  haml
  httpclient
  rack
  rake
  sassc
  sequel
  sinatra
  sqlite3

BUNDLED WITH
   2.1.4
