GEM
  remote: https://rubygems.org/
  specs:
    addressable (2.8.7)
      public_suffix (>= 2.0.2, < 7.0)
    base64 (0.3.0)
    bigdecimal (3.2.3)
    domain_name (0.6.20240107)
    ffi (1.17.2)
    ffi-compiler (1.3.2)
      ffi (>= 1.15.5)
      rake
    haml (6.3.0)
      temple (>= 0.8.2)
      thor
      tilt
    http (5.3.1)
      addressable (~> 2.8)
      http-cookie (~> 1.0)
      http-form_data (~> 2.2)
      llhttp-ffi (~> 0.5.0)
    http-cookie (1.0.8)
      domain_name (~> 0.5)
    http-form_data (2.3.0)
    llhttp-ffi (0.5.1)
      ffi-compiler (~> 1.0)
      rake (~> 13.0)
    logger (1.7.0)
    mini_portile2 (2.8.9)
    mustermann (3.0.4)
      ruby2_keywords (~> 0.0.1)
    nio4r (2.7.4)
    public_suffix (6.0.2)
    puma (7.0.0)
      nio4r (~> 2.0)
    rack (3.2.1)
    rack-protection (4.1.1)
      base64 (>= 0.1.0)
      logger (>= 1.6.0)
      rack (>= 3.0.0, < 4)
    rack-session (2.1.1)
      base64 (>= 0.1.0)
      rack (>= 3.0.0)
    rackup (2.2.1)
      rack (>= 3)
    rake (13.3.0)
    ruby2_keywords (0.0.5)
    sassc (2.4.0)
      ffi (~> 1.9)
    sassc (2.4.0-x64-mingw32)
      ffi (~> 1.9)
    sequel (5.96.0)
      bigdecimal
    sinatra (4.1.1)
      logger (>= 1.6.0)
      mustermann (~> 3.0)
      rack (>= 3.0.0, < 4)
      rack-protection (= 4.1.1)
      rack-session (>= 2.0.0, < 3)
      tilt (~> 2.0)
    sqlite3 (2.7.3)
      mini_portile2 (~> 2.8.0)
    temple (0.10.4)
    thor (1.4.0)
    tilt (2.6.1)

PLATFORMS
  ruby
  x64-mingw32

DEPENDENCIES
  haml
  http
  puma
  rack
  rackup
  rake
  sassc
  sequel
  sinatra
  sqlite3

BUNDLED WITH
   2.4.12
