GEM
  remote: https://rubygems.org/
  specs:
    haml (4.0.7)
      tilt
    httpclient (2.7.1)
    rack (1.6.4)
    rack-protection (1.5.3)
      rack
    sass (3.4.21)
    sequel (4.31.0)
    sinatra (1.4.7)
      rack (~> 1.5)
      rack-protection (~> 1.4)
      tilt (>= 1.3, < 3)
    sqlite3 (1.3.11)
    sqlite3 (1.3.11-x64-mingw32)
    tilt (2.0.2)

PLATFORMS
  ruby
  x64-mingw32

DEPENDENCIES
  haml
  httpclient
  rack
  sass
  sequel
  sinatra
  sqlite3

BUNDLED WITH
   1.10.6
